GEM
  remote: http://rubygems.org/
  specs:
    ZenTest (4.8.2)
    activemodel (3.2.8)
      activesupport (= 3.2.8)
      builder (~> 3.0.0)
    activerecord (3.2.8)
      activemodel (= 3.2.8)
      activesupport (= 3.2.8)
      arel (~> 3.0.2)
      tzinfo (~> 0.3.29)
    activesupport (3.2.8)
      i18n (~> 0.6)
      multi_json (~> 1.0)
    arel (3.0.2)
    autotest (4.4.6)
      ZenTest (>= 4.4.1)
    builder (3.0.2)
    diff-lcs (1.1.3)
    i18n (0.6.1)
    multi_json (1.3.6)
    rspec (2.11.0)
      rspec-core (~> 2.11.0)
      rspec-expectations (~> 2.11.0)
      rspec-mocks (~> 2.11.0)
    rspec-core (2.11.1)
    rspec-expectations (2.11.3)
      diff-lcs (~> 1.1.3)
    rspec-mocks (2.11.2)
    sqlite3 (1.3.6)
    tzinfo (0.3.33)

PLATFORMS
  ruby

DEPENDENCIES
  activerecord (= 3.2.8)
  autotest
  rspec (= 2.11.0)
  sqlite3 (= 1.3.6)
